GEM
  remote: https://rubygems.org/
  specs:
    rack (1.6.4)
    rack-server-pages (0.0.6)
      rack

PLATFORMS
  ruby

DEPENDENCIES
  rack-server-pages

BUNDLED WITH
   1.10.6
